GEM
  remote: https://rubygems.org/
  specs:
    iconv (1.0.3)
    zip (2.0.2)

PLATFORMS
  ruby

DEPENDENCIES
  iconv
  zip
